GIT
  remote: https://github.com/copiousfreetime/launchy.git
  revision: f933aa72a3c925ecd15d83bdc510bd50b8f97d4f
  ref: v1.0.0
  specs:
    launchy (1.0.0)

GEM
  remote: http://rubygems.org/
  specs:
    builder (3.0.0)
    capybara (0.4.1.2)
      celerity (>= 0.7.9)
      culerity (>= 0.2.4)
      mime-types (>= 1.16)
      nokogiri (>= 1.3.3)
      rack (>= 1.0.0)
      rack-test (>= 0.5.4)
      selenium-webdriver (>= 0.0.27)
      xpath (~> 0.1.3)
    celerity (0.8.9)
    childprocess (0.1.8)
      ffi (~> 1.0.6)
    cucumber (0.10.2)
      builder (>= 2.1.2)
      diff-lcs (>= 1.1.2)
      gherkin (>= 2.3.5)
      json (>= 1.4.6)
      term-ansicolor (>= 1.0.5)
    cucumber-rails (0.4.0)
      cucumber (>= 0.10.1)
      nokogiri (>= 1.4.4)
      rack-test (>= 0.5.7)
    culerity (0.2.15)
    database_cleaner (0.6.6)
    diff-lcs (1.1.2)
    ffi (1.0.7-java)
    gherkin (2.3.5-java)
      json (>= 1.4.6)
    json (1.5.1-java)
    json_pure (1.5.1)
    mime-types (1.16)
    nokogiri (1.4.4.2-java)
      weakling (>= 0.0.3)
    rack (1.2.2)
    rack-test (0.5.7)
      rack (>= 1.0)
    rspec (2.1.0)
      rspec-core (~> 2.1.0)
      rspec-expectations (~> 2.1.0)
      rspec-mocks (~> 2.1.0)
    rspec-core (2.1.0)
    rspec-expectations (2.1.0)
      diff-lcs (~> 1.1.2)
    rspec-mocks (2.1.0)
    rspec-rails (2.1.0)
      rspec (~> 2.1.0)
    rubyzip (0.9.4)
    selenium-webdriver (0.1.4)
      childprocess (>= 0.1.7)
      ffi (>= 1.0.7)
      json_pure
      rubyzip
    spoon (0.0.1)
    term-ansicolor (1.0.5)
    weakling (0.0.4-java)
    xpath (0.1.3)
      nokogiri (~> 1.3)

PLATFORMS
  java

DEPENDENCIES
  capybara
  cucumber-rails
  database_cleaner
  launchy (= 1.0.0)!
  rspec-rails
  spoon (~> 0.0.1)
